PATH
  remote: .
  specs:
    countries-patch (0.0.0)
      countries (~> 2.0.8)

GEM
  remote: https://rubygems.org/
  specs:
    countries (2.0.8)
      i18n_data (~> 0.7.0)
      money (~> 6.7)
      sixarm_ruby_unaccent (~> 1.1)
      unicode_utils (~> 1.4)
    diff-lcs (1.3)
    i18n (0.8.6)
    i18n_data (0.7.0)
    money (6.9.0)
      i18n (>= 0.6.4, < 0.9)
    rspec (3.7.0)
      rspec-core (~> 3.7.0)
      rspec-expectations (~> 3.7.0)
      rspec-mocks (~> 3.7.0)
    rspec-core (3.7.0)
      rspec-support (~> 3.7.0)
    rspec-expectations (3.7.0)
      diff-lcs (>= 1.2.0, < 2.0)
      rspec-support (~> 3.7.0)
    rspec-mocks (3.7.0)
      diff-lcs (>= 1.2.0, < 2.0)
      rspec-support (~> 3.7.0)
    rspec-support (3.7.0)
    sixarm_ruby_unaccent (1.2.0)
    unicode_utils (1.4.0)

PLATFORMS
  ruby

DEPENDENCIES
  countries-patch!
  rspec

BUNDLED WITH
   1.14.6
